GEM
  remote: http://rubygems.org/
  specs:
    columnize (0.3.2)
    crack (0.1.8)
    diff-lcs (1.1.2)
    fakeweb (1.3.0)
    git (1.2.5)
    hashie (0.4.0)
    hoptoad-api (2.3.0)
      hashie (>= 0.2.0)
      httparty (>= 0.5.2)
    http_logger (0.1.0)
    httparty (0.6.1)
      crack (= 0.1.8)
    jeweler (1.5.2)
      bundler (~> 1.0.0)
      git (>= 1.2.5)
      rake
    linecache (0.43)
    mocha (0.9.12)
    rake (0.8.7)
    rspec (2.5.0)
      rspec-core (~> 2.5.0)
      rspec-expectations (~> 2.5.0)
      rspec-mocks (~> 2.5.0)
    rspec-core (2.5.1)
    rspec-expectations (2.5.0)
      diff-lcs (~> 1.1.2)
    rspec-mocks (2.5.0)
    ruby-debug (0.10.4)
      columnize (>= 0.1)
      ruby-debug-base (~> 0.10.4.0)
    ruby-debug-base (0.10.4)
      linecache (>= 0.3)

PLATFORMS
  ruby

DEPENDENCIES
  fakeweb
  hoptoad-api
  http_logger
  jeweler
  mocha
  rake
  rspec
  ruby-debug
