GEM
  remote: http://rubygems.org/
  specs:
    activesupport (3.0.5)
    diff-lcs (1.1.2)
    fakeweb (1.3.0)
    git (1.2.5)
    i18n (0.5.0)
    jeweler (1.5.2)
      bundler (~> 1.0.0)
      git (>= 1.2.5)
      rake
    mocha (0.9.12)
    rake (0.8.7)
    rspec (2.5.0)
      rspec-core (~> 2.5.0)
      rspec-expectations (~> 2.5.0)
      rspec-mocks (~> 2.5.0)
    rspec-core (2.5.1)
    rspec-expectations (2.5.0)
      diff-lcs (~> 1.1.2)
    rspec-mocks (2.5.0)

PLATFORMS
  ruby

DEPENDENCIES
  activesupport
  fakeweb
  i18n
  jeweler
  mocha
  rake
  rspec
